GIT
  remote: https://github.com/andreasronge/neo4j.git
  revision: 7858dd1b2fecbc84507d73cf74531fd7ba241ad1
  branch: rails4
  specs:
    neo4j (2.2.3-java)
      activemodel (~> 4.0.0.beta, >= 3.0.0, < 5)
      neo4j-wrapper (= 2.3.0)
      orm_adapter (>= 0.0.3)
      rails-observers (>= 0.1.1)
      railties (~> 4.0.0.beta, >= 3.0.0, < 5)

GEM
  remote: https://rubygems.org/
  specs:
    actionmailer (4.0.0.rc1)
      actionpack (= 4.0.0.rc1)
      mail (~> 2.5.3)
    actionpack (4.0.0.rc1)
      activesupport (= 4.0.0.rc1)
      builder (~> 3.1.0)
      erubis (~> 2.7.0)
      rack (~> 1.5.2)
      rack-test (~> 0.6.2)
    activemodel (4.0.0.rc1)
      activesupport (= 4.0.0.rc1)
      builder (~> 3.1.0)
    activerecord (4.0.0.rc1)
      activemodel (= 4.0.0.rc1)
      activerecord-deprecated_finders (~> 1.0.2)
      activesupport (= 4.0.0.rc1)
      arel (~> 4.0.0)
    activerecord-deprecated_finders (1.0.3)
    activerecord-jdbc-adapter (1.3.0.rc1)
      activerecord (>= 2.2)
    activerecord-jdbcpostgresql-adapter (0.8.2)
      activerecord-jdbc-adapter (>= 0.8.2)
      jdbc-postgres (>= 8.2)
    activerecord-jdbcsqlite3-adapter (1.3.0.beta1)
      activerecord-jdbc-adapter (~> 1.3.0.beta1)
      jdbc-sqlite3 (~> 3.7.2)
    activesupport (4.0.0.rc1)
      i18n (~> 0.6, >= 0.6.4)
      minitest (~> 4.2)
      multi_json (~> 1.3)
      thread_safe (~> 0.1)
      tzinfo (~> 0.3.37)
    arel (4.0.0)
    atomic (1.1.13)
    atomic (1.1.13-java)
    blankslate (2.1.2.4)
    builder (3.1.4)
    coderay (1.0.9)
    coffee-rails (4.0.0)
      coffee-script (>= 2.2.0)
      railties (>= 4.0.0.beta, < 5.0)
    coffee-script (2.2.0)
      coffee-script-source
      execjs
    coffee-script-source (1.6.3)
    diff-lcs (1.2.4)
    edn (1.0.0)
      parslet (~> 1.4.0)
    erubis (2.7.0)
    execjs (2.0.0)
    factory_girl (4.2.0)
      activesupport (>= 3.0.0)
    factory_girl_rails (4.2.1)
      factory_girl (~> 4.2.0)
      railties (>= 3.0.0)
    fakeredis (0.4.2)
      redis (~> 3.0.0)
    ffi (1.9.0-java)
    hike (1.2.3)
    i18n (0.6.5)
    jbuilder (1.5.1)
      activesupport (>= 3.0.0)
      multi_json (>= 1.2.0)
    jdbc-postgres (9.2.1002.1)
    jdbc-sqlite3 (3.7.2.1)
    jquery-rails (3.0.4)
      railties (>= 3.0, < 5.0)
      thor (>= 0.14, < 2.0)
    json (1.8.0)
    json (1.8.0-java)
    mail (2.5.4)
      mime-types (~> 1.16)
      treetop (~> 1.4.8)
    method_source (0.8.2)
    mime-types (1.24)
    minitest (4.7.5)
    multi_json (1.7.9)
    neo4j-admin (0.1.0-java)
    neo4j-community (1.9.2-java)
    neo4j-core (2.3.0-java)
      neo4j-community (>= 1.9.M05, < 2.0)
      neo4j-cypher (~> 1.0.0)
    neo4j-cypher (1.0.0)
    neo4j-wrapper (2.3.0-java)
      neo4j-core (= 2.3.0)
    orm_adapter (0.4.0)
    parslet (1.4.0)
      blankslate (~> 2.0)
    pg (0.16.0)
    pg-hstore (1.2.0)
    polyglot (0.3.3)
    pry (0.9.12.2)
      coderay (~> 1.0.5)
      method_source (~> 0.8)
      slop (~> 3.4)
    pry (0.9.12.2-java)
      coderay (~> 1.0.5)
      method_source (~> 0.8)
      slop (~> 3.4)
      spoon (~> 0.0)
    rack (1.5.2)
    rack-test (0.6.2)
      rack (>= 1.0)
    rails (4.0.0.rc1)
      actionmailer (= 4.0.0.rc1)
      actionpack (= 4.0.0.rc1)
      activerecord (= 4.0.0.rc1)
      activesupport (= 4.0.0.rc1)
      bundler (>= 1.3.0, < 2.0)
      railties (= 4.0.0.rc1)
      sprockets-rails (~> 2.0.0.rc4)
    rails-observers (0.1.1)
      railties (~> 4.0.0.beta)
    rails_12factor (0.0.2)
      rails_serve_static_assets
      rails_stdout_logging
    rails_serve_static_assets (0.0.1)
    rails_stdout_logging (0.0.1)
    railties (4.0.0.rc1)
      actionpack (= 4.0.0.rc1)
      activesupport (= 4.0.0.rc1)
      rake (>= 0.8.7)
      thor (>= 0.18.1, < 2.0)
    rake (10.1.0)
    rdoc (3.12.2)
      json (~> 1.4)
    redis (3.0.4)
    rspec-core (2.14.5)
    rspec-expectations (2.14.2)
      diff-lcs (>= 1.1.3, < 2.0)
    rspec-mocks (2.14.3)
    rspec-rails (2.14.0)
      actionpack (>= 3.0)
      activesupport (>= 3.0)
      railties (>= 3.0)
      rspec-core (~> 2.14.0)
      rspec-expectations (~> 2.14.0)
      rspec-mocks (~> 2.14.0)
    sass (3.2.10)
    sass-rails (4.0.0)
      railties (>= 4.0.0.beta, < 5.0)
      sass (>= 3.1.10)
      sprockets-rails (~> 2.0.0)
    sdoc (0.3.20)
      json (>= 1.1.3)
      rdoc (~> 3.10)
    slop (3.4.6)
    spoon (0.0.4)
      ffi
    sprockets (2.10.0)
      hike (~> 1.2)
      multi_json (~> 1.0)
      rack (~> 1.0)
      tilt (~> 1.1, != 1.3.0)
    sprockets-rails (2.0.0)
      actionpack (>= 3.0)
      activesupport (>= 3.0)
      sprockets (~> 2.8)
    therubyrhino (2.0.2)
      therubyrhino_jar (>= 1.7.3)
    therubyrhino_jar (1.7.4)
    thor (0.18.1)
    thread_safe (0.1.2)
      atomic
    thread_safe (0.1.2-java)
      atomic
    tilt (1.4.1)
    torquebox (3.0.0)
      thor (>= 0.14.6)
      torquebox-cache (= 3.0.0)
      torquebox-configure (= 3.0.0)
      torquebox-core (= 3.0.0)
      torquebox-messaging (= 3.0.0)
      torquebox-naming (= 3.0.0)
      torquebox-rake-support (= 3.0.0)
      torquebox-security (= 3.0.0)
      torquebox-stomp (= 3.0.0)
      torquebox-transactions (= 3.0.0)
      torquebox-web (= 3.0.0)
    torquebox-cache (3.0.0-java)
      torquebox-core (= 3.0.0)
      torquebox-transactions (= 3.0.0)
    torquebox-configure (3.0.0-java)
      blankslate (= 2.1.2.4)
    torquebox-core (3.0.0-java)
      edn (= 1.0.0)
    torquebox-messaging (3.0.0-java)
      torquebox-core (= 3.0.0)
      torquebox-transactions (= 3.0.0)
    torquebox-naming (3.0.0-java)
      torquebox-core (= 3.0.0)
    torquebox-rake-support (3.0.0)
      rake (>= 0.8.7)
    torquebox-security (3.0.0-java)
      torquebox-core (= 3.0.0)
    torquebox-server (3.0.0-java)
      torquebox (= 3.0.0)
    torquebox-stomp (3.0.0)
      torquebox-core (= 3.0.0)
      torquebox-messaging (= 3.0.0)
    torquebox-transactions (3.0.0)
      torquebox-core (= 3.0.0)
    torquebox-web (3.0.0-java)
    treetop (1.4.15)
      polyglot
      polyglot (>= 0.3.1)
    tzinfo (0.3.37)
    uglifier (2.2.0)
      execjs (>= 0.3.0)
      multi_json (~> 1.0, >= 1.0.2)

PLATFORMS
  java
  ruby

DEPENDENCIES
  activerecord-jdbcpostgresql-adapter
  activerecord-jdbcsqlite3-adapter
  coffee-rails (~> 4.0.0)
  factory_girl_rails
  fakeredis
  jbuilder (~> 1.2)
  jquery-rails
  neo4j!
  neo4j-admin
  pg
  pg-hstore
  pry
  rails (= 4.0.0.rc1)
  rails_12factor
  redis
  rspec-rails
  sass-rails (~> 4.0.0)
  sdoc
  therubyrhino
  torquebox (~> 3.0.0)
  torquebox-messaging (~> 3.0.0)
  torquebox-server (~> 3.0.0)
  uglifier (>= 1.3.0)
